PATH
  remote: .
  specs:
    daily_validator (0.0.1)
      active_support
      eventmachine
      fsdb
      gooddata
      google-spreadsheet-ruby
      pry
      tztime

PATH
  remote: ../gd
  specs:
    gd (0.0.1)
      activesupport
      gli
      gooddata
      highline
      i18n
      rainbow
      rake

GEM
  remote: http://rubygems.org/
  specs:
    active_support (3.0.0)
      activesupport (= 3.0.0)
    activesupport (3.0.0)
    addressable (2.2.6)
    coderay (1.0.5)
    diff-lcs (1.1.3)
    eventmachine (0.12.10)
    faraday (0.7.5)
      addressable (~> 2.2.6)
      multipart-post (~> 1.1.3)
      rack (< 2, >= 1.1.0)
    fastercsv (1.5.4)
    fsdb (0.7.1)
    gli (1.5.1)
    gooddata (0.5.3)
      fastercsv
      json
      json_pure
      parseconfig
      rest-client
      rubyzip
    google-spreadsheet-ruby (0.1.8)
      nokogiri (>= 1.4.3.1)
      oauth (>= 0.3.6)
      oauth2 (>= 0.5.0)
    highline (1.6.9)
    i18n (0.6.0)
    json (1.6.5)
    json_pure (1.6.5)
    method_source (0.7.1)
    mime-types (1.17.2)
    multi_json (1.0.4)
    multipart-post (1.1.4)
    nokogiri (1.5.0)
    oauth (0.4.5)
    oauth2 (0.5.2)
      faraday (~> 0.7)
      multi_json (~> 1.0)
    parseconfig (0.5.2)
    pry (0.9.8.2)
      coderay (~> 1.0.5)
      method_source (~> 0.7)
      slop (< 3, >= 2.4.4)
    rack (1.4.0)
    rainbow (1.1.3)
    rake (0.9.2.2)
    rest-client (1.6.7)
      mime-types (>= 1.16)
    rspec (2.8.0)
      rspec-core (~> 2.8.0)
      rspec-expectations (~> 2.8.0)
      rspec-mocks (~> 2.8.0)
    rspec-core (2.8.0)
    rspec-expectations (2.8.0)
      diff-lcs (~> 1.1.2)
    rspec-mocks (2.8.0)
    rubyzip (0.9.6.1)
    slop (2.4.4)
    tzinfo (0.3.32)
    tztime (0.1.0)
      tzinfo (>= 0.3.8)

PLATFORMS
  ruby

DEPENDENCIES
  daily_validator!
  gd!
  rspec
